PATH
  remote: ~/Documents/FOSS/asynctimer
  specs:
    asynctimer (0.1.0)

PATH
  remote: ~/Documents/FOSS/celluloid
  specs:
    celluloid (0.17.0.pre15)
      bundler
      celluloid-essentials
      celluloid-extras
      celluloid-fsm
      celluloid-pool
      celluloid-supervision
      dotenv
      nenv
      rspec-logsplit (>= 0.1.2)
      timers (~> 4.0.0)

PATH
  remote: ~/Documents/FOSS/celluloid-io
  specs:
    celluloid-io (0.16.2)
      celluloid (>= 0.16.0)
      nio4r (>= 1.1.0)

GEM
  remote: https://rubygems.org/
  specs:
    celluloid-essentials (0.20.0.pre17)
      bundler
      dotenv
      nenv
      rspec-logsplit (>= 0.1.2)
      timers (~> 4.0.0)
    celluloid-extras (0.1.4)
      bundler
      dotenv
      nenv
      rspec-logsplit (>= 0.1.2)
      timers (~> 4.0.0)
    celluloid-fsm (0.9.0.pre13)
      bundler
      dotenv
      nenv
      rspec-logsplit (>= 0.1.2)
      timers (~> 4.0.0)
    celluloid-pool (0.11.0.pre1)
      bundler
      dotenv
      nenv
      rspec-logsplit (>= 0.1.2)
      timers (~> 4.0.0)
    celluloid-supervision (0.20.0.pre6)
      bundler
      dotenv
      nenv
      rspec-logsplit (>= 0.1.2)
      timers (~> 4.0.0)
    coderay (1.1.0)
    dotenv (2.0.1)
    hitimes (1.2.2)
    method_source (0.8.2)
    nenv (0.2.0)
    nio4r (1.1.0)
    pry (0.10.1)
      coderay (~> 1.1.0)
      method_source (~> 0.8.1)
      slop (~> 3.4)
    rspec-core (3.2.3)
      rspec-support (~> 3.2.0)
    rspec-logsplit (0.1.3)
    rspec-support (3.2.2)
    slop (3.6.0)
    timers (4.0.1)
      hitimes

PLATFORMS
  ruby

DEPENDENCIES
  asynctimer!
  celluloid!
  celluloid-io!
  pry
  rspec-core
  rspec-logsplit
